PATH
  remote: .
  specs:
    heroku-log-parser (0.2.2)

GEM
  specs:

PLATFORMS
  ruby

DEPENDENCIES
  heroku-log-parser!
